GEM
  remote: http://rubygems.org/
  specs:
    blankslate (2.1.2.4)
    haml (3.0.25)
    json (1.5.3-java)
    rack (1.3.5)
    rake (0.8.7)
    sinatra (1.2.6)
      rack (~> 1.1)
      tilt (>= 1.2.2, < 2.0)
    thor (0.14.6)
    tilt (1.3.3)
    torquebox (2.0.0)
      thor (>= 0.9.0, < 1.0.0)
      torquebox-cache (= 2.0.0)
      torquebox-configure (= 2.0.0)
      torquebox-core (= 2.0.0)
      torquebox-messaging (= 2.0.0)
      torquebox-naming (= 2.0.0)
      torquebox-rake-support (= 2.0.0)
      torquebox-security (= 2.0.0)
      torquebox-stomp (= 2.0.0)
      torquebox-transactions (= 2.0.0)
      torquebox-vfs (= 2.0.0)
      torquebox-web (= 2.0.0)
    torquebox-cache (2.0.0-java)
      torquebox-core (= 2.0.0)
      torquebox-transactions (= 2.0.0)
    torquebox-configure (2.0.0-java)
      blankslate (= 2.1.2.4)
    torquebox-core (2.0.0-java)
    torquebox-messaging (2.0.0-java)
      torquebox-core (= 2.0.0)
      torquebox-transactions (= 2.0.0)
    torquebox-naming (2.0.0-java)
    torquebox-rake-support (2.0.0)
      rake (>= 0.8.7, < 1.0.0)
    torquebox-security (2.0.0-java)
      torquebox-core (= 2.0.0)
    torquebox-stomp (2.0.0)
      torquebox-core (= 2.0.0)
      torquebox-messaging (= 2.0.0)
    torquebox-transactions (2.0.0)
      torquebox-core (= 2.0.0)
    torquebox-vfs (2.0.0-java)
    torquebox-web (2.0.0-java)

PLATFORMS
  java

DEPENDENCIES
  haml (~> 3.0.0)
  json (= 1.5.3)
  sinatra (= 1.2.6)
  torquebox
